GEM
  remote: https://rubygems.org/
  specs:
    dotenv (2.7.6)
    faraday (1.10.0)
      faraday-em_http (~> 1.0)
      faraday-em_synchrony (~> 1.0)
      faraday-excon (~> 1.1)
      faraday-httpclient (~> 1.0)
      faraday-multipart (~> 1.0)
      faraday-net_http (~> 1.0)
      faraday-net_http_persistent (~> 1.0)
      faraday-patron (~> 1.0)
      faraday-rack (~> 1.0)
      faraday-retry (~> 1.0)
      ruby2_keywords (>= 0.0.4)
    faraday-em_http (1.0.0)
    faraday-em_synchrony (1.0.0)
    faraday-excon (1.1.0)
    faraday-httpclient (1.0.1)
    faraday-multipart (1.0.3)
      multipart-post (>= 1.2, < 3)
    faraday-net_http (1.0.1)
    faraday-net_http_persistent (1.2.0)
    faraday-patron (1.0.0)
    faraday-rack (1.0.0)
    faraday-retry (1.0.3)
    faraday_middleware (1.2.0)
      faraday (~> 1.0)
    jwt (2.3.0)
    line-bot-api (1.23.0)
    multipart-post (2.1.1)
    ruby2_keywords (0.0.5)
    timetree (1.0.0)
      faraday (>= 1.0.1)
      faraday_middleware (>= 1.0.0)
      jwt (>= 2.2.2)

PLATFORMS
  ruby

DEPENDENCIES
  dotenv
  faraday
  line-bot-api
  timetree

BUNDLED WITH
   2.2.3
